GEM
  remote: https://rubygems.org/
  specs:
    haml (4.0.6)
      tilt
    json (1.8.2)
    rack (1.6.0)
    rack-protection (1.5.3)
      rack
    sinatra (1.4.5)
      rack (~> 1.4)
      rack-protection (~> 1.4)
      tilt (~> 1.3, >= 1.3.4)
    tilt (1.4.1)
    ww (0.4.2)
      haml (>= 2.2.13)
      rack (>= 1.0.1)
      sinatra (>= 0.9.4)

PLATFORMS
  ruby

DEPENDENCIES
  json
  ww
