GEM
  remote: https://rubygems.org/
  specs:
    haml (4.0.6)
      tilt
    json (1.8.2)
    mustermann (3.0.0)
      ruby2_keywords (~> 0.0.1)
    rack (2.2.6.2)
    rack-protection (3.0.5)
      rack
    ruby2_keywords (0.0.5)
    sinatra (3.0.5)
      mustermann (~> 3.0)
      rack (~> 2.2, >= 2.2.4)
      rack-protection (= 3.0.5)
      tilt (~> 2.0)
    tilt (2.0.11)
    ww (0.4.2)
      haml (>= 2.2.13)
      rack (>= 1.0.1)
      sinatra (>= 0.9.4)

PLATFORMS
  ruby

DEPENDENCIES
  json
  ww
