GEM
  remote: https://rubygems.org/
  specs:
    haml (4.0.6)
      tilt
    json (1.8.2)
    mustermann (1.1.1)
      ruby2_keywords (~> 0.0.1)
    rack (2.2.3)
    rack-protection (2.2.0)
      rack
    ruby2_keywords (0.0.5)
    sinatra (2.2.0)
      mustermann (~> 1.0)
      rack (~> 2.2)
      rack-protection (= 2.2.0)
      tilt (~> 2.0)
    tilt (2.0.10)
    ww (0.4.2)
      haml (>= 2.2.13)
      rack (>= 1.0.1)
      sinatra (>= 0.9.4)

PLATFORMS
  ruby

DEPENDENCIES
  json
  ww
