GEM
  remote: https://rubygems.org/
  specs:
    atomutil (0.1.4)

PLATFORMS
  ruby

DEPENDENCIES
  atomutil
