GEM
  remote: https://rubygems.org/
  specs:
    sinatra_websocket_template (0.0.1)
      thor
    thor (0.19.1)

PLATFORMS
  ruby

DEPENDENCIES
  sinatra_websocket_template
